PATH
  remote: .
  specs:
    carb (0.0.3)
      clamp
      fileutils

GEM
  remote: https://rubygems.org/
  specs:
    clamp (0.4.0)
    fileutils (0.7)
      rmagick (>= 2.13.1)
    rmagick (2.13.1)

PLATFORMS
  ruby

DEPENDENCIES
  carb!
