PATH
  remote: .
  specs:
    carb (0.0.6)
      clamp
      fileutils

GEM
  remote: https://rubygems.org/
  specs:
    clamp (0.4.0)
    diff-lcs (1.1.3)
    fileutils (0.7)
      rmagick (>= 2.13.1)
    rmagick (2.13.1)
    rspec (2.11.0)
      rspec-core (~> 2.11.0)
      rspec-expectations (~> 2.11.0)
      rspec-mocks (~> 2.11.0)
    rspec-core (2.11.1)
    rspec-expectations (2.11.3)
      diff-lcs (~> 1.1.3)
    rspec-mocks (2.11.3)

PLATFORMS
  ruby

DEPENDENCIES
  carb!
  rspec
